GEM
  remote: https://rubygems.org/
  specs:
    actionmailer (3.2.13)
      actionpack (= 3.2.13)
      mail (~> 2.5.3)
    actionpack (3.2.13)
      activemodel (= 3.2.13)
      activesupport (= 3.2.13)
      builder (~> 3.0.0)
      erubis (~> 2.7.0)
      journey (~> 1.0.4)
      rack (~> 1.4.5)
      rack-cache (~> 1.2)
      rack-test (~> 0.6.1)
      sprockets (~> 2.2.1)
    activemodel (3.2.13)
      activesupport (= 3.2.13)
      builder (~> 3.0.0)
    activerecord (3.2.13)
      activemodel (= 3.2.13)
      activesupport (= 3.2.13)
      arel (~> 3.0.2)
      tzinfo (~> 0.3.29)
    activeresource (3.2.13)
      activemodel (= 3.2.13)
      activesupport (= 3.2.13)
    activesupport (3.2.13)
      i18n (= 0.6.1)
      multi_json (~> 1.0)
    arel (3.0.2)
    aws-sdk (1.11.3)
      json (~> 1.4)
      nokogiri (< 1.6.0)
      uuidtools (~> 2.1)
    backports (3.3.2)
    bcrypt-ruby (3.0.1)
    bootstrap-sass (2.2.2.0)
      sass (~> 3.2)
    builder (3.0.4)
    chunky_png (1.2.8)
    climate_control (0.0.3)
      activesupport (>= 3.0)
    cocaine (0.5.1)
      climate_control (>= 0.0.3, < 1.0)
    coffee-rails (3.2.2)
      coffee-script (>= 2.2.0)
      railties (~> 3.2.0)
    coffee-script (2.2.0)
      coffee-script-source
      execjs
    coffee-script-source (1.6.2)
    commander (4.1.3)
      highline (~> 1.6.11)
    compass (0.12.2)
      chunky_png (~> 1.2)
      fssm (>= 0.2.7)
      sass (~> 3.1)
    core_data (0.1.1)
      nokogiri (~> 1.4)
    daemons (1.1.9)
    devise (2.2.4)
      bcrypt-ruby (~> 3.0)
      orm_adapter (~> 0.1)
      railties (~> 3.1)
      warden (~> 1.2.1)
    diff-lcs (1.1.3)
    dotenv (0.8.0)
    erubis (2.7.0)
    eventmachine (1.0.3)
    excon (0.23.0)
    execjs (1.4.0)
      multi_json (~> 1.0)
    faker (1.1.2)
      i18n (~> 0.5)
    fog (1.12.1)
      builder
      excon (~> 0.23.0)
      formatador (~> 0.2.0)
      mime-types
      multi_json (~> 1.0)
      net-scp (~> 1.1)
      net-ssh (>= 2.1.3)
      nokogiri (~> 1.5.0)
      ruby-hmac
    foreman (0.63.0)
      dotenv (>= 0.7)
      thor (>= 0.13.6)
    formatador (0.2.4)
    fssm (0.2.10)
    haml (4.0.3)
      tilt
    helios (0.2.5)
      coffee-script (~> 2.2)
      commander (~> 4.1)
      compass (~> 0.12)
      core_data
      fog (~> 1.10)
      foreman (~> 0.63)
      haml (>= 3.1)
      houston (~> 0.2)
      json (~> 1.7)
      rack-contrib (~> 1.1)
      rack-in-app-purchase (~> 0.1)
      rack-newsstand (~> 0.1)
      rack-passbook (~> 0.1)
      rack-push-notification (~> 0.4)
      rack-scaffold (>= 0.0.2)
      rails-database-url (~> 1.0)
      sinatra (~> 1.3)
      sinatra-assetpack (= 0.2.3)
      sinatra-backbone (~> 0.1.1)
      sinatra-contrib (~> 1.3)
      sinatra-param (~> 0.1)
      sinatra-support (~> 1.2)
      zurb-foundation (= 4.1.2)
    highline (1.6.19)
    hike (1.2.3)
    houston (0.2.4)
      commander (~> 4.1)
      json
    i18n (0.6.1)
    journey (1.0.4)
    jquery-rails (3.0.1)
      railties (>= 3.0, < 5.0)
      thor (>= 0.14, < 2.0)
    jsmin (1.0.1)
    json (1.8.0)
    mail (2.5.4)
      mime-types (~> 1.16)
      treetop (~> 1.4.8)
    mime-types (1.23)
    multi_json (1.7.7)
    net-scp (1.1.1)
      net-ssh (>= 2.6.5)
    net-ssh (2.6.7)
    newrelic_rpm (3.6.5.130)
    nokogiri (1.5.10)
    orm_adapter (0.4.0)
    paperclip (3.4.2)
      activemodel (>= 3.0.0)
      activerecord (>= 3.0.0)
      activesupport (>= 3.0.0)
      cocaine (~> 0.5.0)
      mime-types
    pg (0.15.1)
    plist (3.1.0)
    polyglot (0.3.3)
    rabl (0.8.6)
      activesupport (>= 2.3.14)
    rack (1.4.5)
    rack-cache (1.2)
      rack (>= 0.4)
    rack-contrib (1.1.0)
      rack (>= 0.9.1)
    rack-in-app-purchase (0.1.0)
      rack (~> 1.4)
      sequel (~> 3.37)
      sinatra (~> 1.3)
      venice
    rack-newsstand (0.1.1)
      builder (>= 3.0)
      plist (~> 3.1)
      rack (~> 1.4)
      sequel (~> 3.37)
      sinatra (~> 1.3)
    rack-passbook (0.1.1)
      rack (~> 1.4)
      sequel (~> 3.37)
      sinatra (~> 1.3)
    rack-protection (1.5.0)
      rack
    rack-push-notification (0.4.1)
      rack (~> 1.4)
      rack-contrib (~> 1.1)
      sequel (~> 3.37)
      sinatra (~> 1.3)
      sinatra-param (~> 0.1)
    rack-scaffold (0.0.2)
      activesupport (>= 3.0)
      rack (~> 1.4)
      rack-contrib (~> 1.1)
      sinatra (~> 1.3)
      sinatra-param (~> 0.1)
    rack-ssl (1.3.3)
      rack
    rack-test (0.6.2)
      rack (>= 1.0)
    rails (3.2.13)
      actionmailer (= 3.2.13)
      actionpack (= 3.2.13)
      activerecord (= 3.2.13)
      activeresource (= 3.2.13)
      activesupport (= 3.2.13)
      bundler (~> 1.0)
      railties (= 3.2.13)
    rails-database-url (1.0.0)
    railties (3.2.13)
      actionpack (= 3.2.13)
      activesupport (= 3.2.13)
      rack-ssl (~> 1.3.2)
      rake (>= 0.8.7)
      rdoc (~> 3.4)
      thor (>= 0.14.6, < 2.0)
    rake (10.1.0)
    rdoc (3.12.2)
      json (~> 1.4)
    rspec (2.11.0)
      rspec-core (~> 2.11.0)
      rspec-expectations (~> 2.11.0)
      rspec-mocks (~> 2.11.0)
    rspec-core (2.11.1)
    rspec-expectations (2.11.3)
      diff-lcs (~> 1.1.3)
    rspec-mocks (2.11.3)
    rspec-rails (2.11.0)
      actionpack (>= 3.0)
      activesupport (>= 3.0)
      railties (>= 3.0)
      rspec (~> 2.11.0)
    ruby-hmac (0.4.0)
    sass (3.2.9)
    sass-rails (3.2.6)
      railties (~> 3.2.0)
      sass (>= 3.1.10)
      tilt (~> 1.3)
    sequel (3.48.0)
    simple_form (2.1.0)
      actionpack (~> 3.0)
      activemodel (~> 3.0)
    sinatra (1.4.3)
      rack (~> 1.4)
      rack-protection (~> 1.4)
      tilt (~> 1.3, >= 1.3.4)
    sinatra-assetpack (0.2.3)
      backports
      jsmin
      rack-test
      sinatra
      tilt (>= 1.3.0)
    sinatra-backbone (0.1.1)
      sinatra
    sinatra-contrib (1.4.0)
      backports (>= 2.0)
      eventmachine
      rack-protection
      rack-test
      sinatra (~> 1.4.2)
      tilt (~> 1.3)
    sinatra-param (0.1.3)
      sinatra (~> 1.3)
    sinatra-support (1.2.2)
      sinatra (>= 1.0)
    sprockets (2.2.2)
      hike (~> 1.2)
      multi_json (~> 1.0)
      rack (~> 1.0)
      tilt (~> 1.1, != 1.3.0)
    sqlite3 (1.3.5)
    terminal-table (1.4.5)
    thin (1.5.1)
      daemons (>= 1.0.9)
      eventmachine (>= 0.12.6)
      rack (>= 1.0.0)
    thor (0.18.1)
    tilt (1.4.1)
    treetop (1.4.14)
      polyglot
      polyglot (>= 0.3.1)
    tzinfo (0.3.37)
    uglifier (2.1.1)
      execjs (>= 0.3.0)
      multi_json (~> 1.0, >= 1.0.2)
    uuidtools (2.1.4)
    venice (0.2.0)
      commander (~> 4.1)
      json
      terminal-table (~> 1.4)
    warden (1.2.1)
      rack (>= 1.0)
    zurb-foundation (4.1.2)
      sass (>= 3.2.0)

PLATFORMS
  ruby

DEPENDENCIES
  aws-sdk
  bootstrap-sass (~> 2.2.2.0)
  coffee-rails (~> 3.2.1)
  devise
  faker
  helios
  jquery-rails
  newrelic_rpm
  paperclip (~> 3.0)
  pg
  rabl
  rails (= 3.2.13)
  rspec-rails (= 2.11.0)
  sass-rails (~> 3.2.3)
  simple_form
  sqlite3 (= 1.3.5)
  thin
  uglifier (>= 1.0.3)
